GEM
  remote: https://rubygems.org/
  specs:
    addressable (2.6.0)
      public_suffix (>= 2.0.2, < 4.0)
    concurrent-ruby (1.0.5)
    concurrent-ruby-edge (0.3.1)
      concurrent-ruby (= 1.0.5)
    dry-configurable (0.8.3)
      concurrent-ruby (~> 1.0)
      dry-core (~> 0.4, >= 0.4.7)
    dry-container (0.7.1)
      concurrent-ruby (~> 1.0)
      dry-configurable (~> 0.1, >= 0.1.3)
    dry-core (0.4.8)
      concurrent-ruby (~> 1.0)
    dry-equalizer (0.2.2)
    dry-inflector (0.1.2)
    dry-logic (0.6.1)
      concurrent-ruby (~> 1.0)
      dry-core (~> 0.2)
      dry-equalizer (~> 0.2)
    dry-types (0.15.0)
      concurrent-ruby (~> 1.0)
      dry-container (~> 0.3)
      dry-core (~> 0.4, >= 0.4.4)
      dry-equalizer (~> 0.2, >= 0.2.2)
      dry-inflector (~> 0.1, >= 0.1.2)
      dry-logic (~> 0.5, >= 0.5)
    dry-validation (0.13.0)
      concurrent-ruby (~> 1.0)
      dry-configurable (~> 0.1, >= 0.1.3)
      dry-core (~> 0.2, >= 0.2.1)
      dry-equalizer (~> 0.2)
      dry-logic (~> 0.5, >= 0.5.0)
      dry-types (~> 0.14, >= 0.14)
    faraday (0.15.4)
      multipart-post (>= 1.2, < 3)
    faraday_middleware (0.13.1)
      faraday (>= 0.7.4, < 1.0)
    httpclient (2.8.3)
    json (2.2.0)
    multipart-post (2.1.1)
    mustermann (1.0.3)
    public_suffix (3.1.0)
    pubnub (4.1.2)
      concurrent-ruby (~> 1.0.5)
      concurrent-ruby-edge (~> 0.3.1)
      dry-validation (~> 0.10)
      httpclient (~> 2.8, >= 2.8.3)
      json (>= 1.8, < 3)
      timers (>= 4.1.1)
    rack (2.2.3)
    rack-protection (2.0.5)
      rack
    ringcentral-sdk (0.9.0)
      addressable (~> 2.5, >= 2.5.2)
      concurrent-ruby (~> 1.0, >= 1.0.2)
      faraday (~> 0.10, >= 0.10.0)
      faraday_middleware (~> 0.12, >= 0.12.2)
      pubnub (~> 4.0, >= 4.0.27)
    sinatra (2.0.5)
      mustermann (~> 1.0)
      rack (~> 2.0)
      rack-protection (= 2.0.5)
      tilt (~> 2.0)
    tilt (2.0.9)
    timers (4.3.0)

PLATFORMS
  ruby

DEPENDENCIES
  ringcentral-sdk
  sinatra

BUNDLED WITH
   2.0.2
